GIT
  remote: https://github.com/joshbeckman/podcast_feed_gen.git
  revision: c1657b1a959b2f88b995becc2095a09b569951c9
  specs:
    podcast_feed_gen (0.1.0)
      nokogiri
      taglib-ruby

GEM
  remote: https://rubygems.org/
  specs:
    nokogiri (1.15.2-arm64-darwin)
      racc (~> 1.4)
    racc (1.6.2)
    taglib-ruby (1.1.3)

PLATFORMS
  arm64-darwin-22

DEPENDENCIES
  podcast_feed_gen!

BUNDLED WITH
   2.4.7
